PATH
  remote: .
  specs:
    pusher-chatkit-server (0.6.1)
      pusher-platform-tmp

GEM
  remote: https://rubygems.org/
  specs:
    excon (0.54.0)
    jwt (1.5.6)
    pusher-platform-tmp (0.6.1)
      excon (~> 0.54.0)
      jwt (~> 1.5, >= 1.5.6)
      rack (>= 1.0)
    rack (2.0.4)

PLATFORMS
  ruby

DEPENDENCIES
  pusher-chatkit-server!

BUNDLED WITH
   1.16.1
